GIT
  remote: https://github.com/plataformatec/devise.git
  revision: bbaaefa995c3694d1462fc29768e9bb4d0661607
  specs:
    devise (1.2.rc)
      bcrypt-ruby (~> 2.1.2)
      orm_adapter (~> 0.0.3)
      warden (~> 1.0.3)

GEM
  remote: http://rubygems.org/
  specs:
    abstract (1.0.0)
    actionmailer (3.0.4)
      actionpack (= 3.0.4)
      mail (~> 2.2.15)
    actionpack (3.0.4)
      activemodel (= 3.0.4)
      activesupport (= 3.0.4)
      builder (~> 2.1.2)
      erubis (~> 2.6.6)
      i18n (~> 0.4)
      rack (~> 1.2.1)
      rack-mount (~> 0.6.13)
      rack-test (~> 0.5.7)
      tzinfo (~> 0.3.23)
    activemodel (3.0.4)
      activesupport (= 3.0.4)
      builder (~> 2.1.2)
      i18n (~> 0.4)
    activerecord (3.0.4)
      activemodel (= 3.0.4)
      activesupport (= 3.0.4)
      arel (~> 2.0.2)
      tzinfo (~> 0.3.23)
    activeresource (3.0.4)
      activemodel (= 3.0.4)
      activesupport (= 3.0.4)
    activesupport (3.0.4)
    addressable (2.2.4)
    arel (2.0.8)
    bcrypt-ruby (2.1.4)
    builder (2.1.2)
    configuration (1.2.0)
    cucumber (0.6.4)
      builder (>= 2.1.2)
      diff-lcs (>= 1.1.2)
      json_pure (>= 1.2.0)
      polyglot (>= 0.2.9)
      term-ansicolor (>= 1.0.4)
      treetop (>= 1.4.2)
    cucumber-rails (0.3.0)
      cucumber (>= 0.6.2)
    daemons (1.1.0)
    database_cleaner (0.5.2)
    diff-lcs (1.1.2)
    email_spec (0.6.5)
    erubis (2.6.6)
      abstract (>= 1.0.0)
    eventmachine (0.12.10)
    faraday (0.4.6)
      addressable (>= 2.1.1)
      rack (>= 1.0.1)
    has_scope (0.5.0)
    hoe (2.9.1)
      rake (>= 0.8.7)
    i18n (0.5.0)
    inherited_resources (1.2.1)
      has_scope (~> 0.5.0)
      responders (~> 0.6.0)
    json_pure (1.5.1)
    launchy (0.3.7)
      configuration (>= 0.0.5)
      rake (>= 0.8.1)
    mail (2.2.15)
      activesupport (>= 2.3.6)
      i18n (>= 0.4.0)
      mime-types (~> 1.16)
      treetop (~> 1.4.8)
    mime-types (1.16)
    multi_json (0.0.5)
    net-ldap (0.1.1)
    nokogiri (1.4.4)
    oa-basic (0.1.3)
      multi_json (~> 0.0.2)
      nokogiri (~> 1.4.2)
      oa-core (= 0.1.3)
      rest-client (~> 1.6.0)
    oa-core (0.1.3)
      rack (~> 1.1)
    oa-enterprise (0.1.3)
      net-ldap (~> 0.1.1)
      nokogiri (~> 1.4.2)
      oa-core (= 0.1.3)
      rubyntlm (~> 0.1.1)
    oa-oauth (0.1.3)
      multi_json (~> 0.0.2)
      nokogiri (~> 1.4.2)
      oa-core (= 0.1.3)
      oauth (~> 0.4.0)
      oauth2 (~> 0.0.10)
    oa-openid (0.1.3)
      oa-core (= 0.1.3)
      rack-openid (~> 1.1.1)
      ruby-openid-apps-discovery
    oauth (0.4.4)
    oauth2 (0.0.13)
      faraday (~> 0.4.1)
      multi_json (>= 0.0.4)
    omniauth (0.1.3)
      oa-basic (= 0.1.3)
      oa-core (= 0.1.3)
      oa-enterprise (= 0.1.3)
      oa-oauth (= 0.1.3)
      oa-openid (= 0.1.3)
    orm_adapter (0.0.4)
    pg (0.9.0)
    polyglot (0.3.1)
    rack (1.2.1)
    rack-mount (0.6.13)
      rack (>= 1.0.0)
    rack-openid (1.1.2)
      rack (>= 0.4)
      ruby-openid (>= 2.0.3)
    rack-test (0.5.7)
      rack (>= 1.0)
    rails (3.0.4)
      actionmailer (= 3.0.4)
      actionpack (= 3.0.4)
      activerecord (= 3.0.4)
      activeresource (= 3.0.4)
      activesupport (= 3.0.4)
      bundler (~> 1.0)
      railties (= 3.0.4)
    railties (3.0.4)
      actionpack (= 3.0.4)
      activesupport (= 3.0.4)
      rake (>= 0.8.7)
      thor (~> 0.14.4)
    rake (0.8.7)
    responders (0.6.2)
    rest-client (1.6.1)
      mime-types (>= 1.16)
    rspec (1.3.1)
    rspec-rails (1.3.3)
      rack (>= 1.0.0)
      rspec (= 1.3.1)
    ruby-openid (2.1.8)
    ruby-openid-apps-discovery (1.2.0)
      ruby-openid (>= 2.1.7)
    rubyntlm (0.1.1)
    sqlite3-ruby (1.2.5)
    term-ansicolor (1.0.5)
    test-unit (1.2.3)
      hoe (>= 1.5.1)
    thin (1.2.7)
      daemons (>= 1.0.9)
      eventmachine (>= 0.12.6)
      rack (>= 1.0.0)
    thor (0.14.6)
    treetop (1.4.9)
      polyglot (>= 0.3.1)
    tzinfo (0.3.24)
    warden (1.0.3)
      rack (>= 1.0.0)
    webrat (0.7.3)
      nokogiri (>= 1.2.0)
      rack (>= 1.0)
      rack-test (>= 0.5.3)

PLATFORMS
  ruby

DEPENDENCIES
  cucumber (~> 0.6.4)
  cucumber-rails (~> 0.3.0)
  database_cleaner (~> 0.5.0)
  devise!
  email_spec (~> 0.6.2)
  inherited_resources (= 1.2.1)
  launchy (~> 0.3.5)
  oa-oauth
  omniauth (= 0.1.3)
  pg (= 0.9.0)
  rails (= 3.0.4)
  rspec (~> 1.3.0)
  rspec-rails (~> 1.3.2)
  sqlite3-ruby (~> 1.2.5)
  test-unit (= 1.2.3)
  thin (= 1.2.7)
  webrat (~> 0.7.0)
