GEM
  remote: http://rubygems.org/
  specs:
    actionmailer (2.3.8)
      actionpack (= 2.3.8)
    actionpack (2.3.8)
      activesupport (= 2.3.8)
      rack (~> 1.1.0)
    activerecord (2.3.8)
      activesupport (= 2.3.8)
    activeresource (2.3.8)
      activesupport (= 2.3.8)
    activesupport (2.3.8)
    builder (2.1.2)
    configuration (1.1.0)
    cucumber (0.6.4)
      builder (>= 2.1.2)
      diff-lcs (>= 1.1.2)
      json_pure (>= 1.2.0)
      polyglot (>= 0.2.9)
      term-ansicolor (>= 1.0.4)
      treetop (>= 1.4.2)
    cucumber-rails (0.3.0)
      cucumber (>= 0.6.2)
    daemons (1.1.0)
    database_cleaner (0.5.2)
    devise (1.0.4)
      warden (~> 0.9.4)
    diff-lcs (1.1.2)
    email_spec (0.6.3)
    eventmachine (0.12.10)
    hoe (2.6.2)
      rake (>= 0.8.7)
      rubyforge (>= 2.0.4)
    json_pure (1.4.6)
    launchy (0.3.7)
      configuration (>= 0.0.5)
      rake (>= 0.8.1)
    nokogiri (1.4.3.1)
    pg (0.9.0)
    polyglot (0.3.1)
    rack (1.1.0)
    rack-test (0.5.5)
      rack (>= 1.0)
    rails (2.3.8)
      actionmailer (= 2.3.8)
      actionpack (= 2.3.8)
      activerecord (= 2.3.8)
      activeresource (= 2.3.8)
      activesupport (= 2.3.8)
      rake (>= 0.8.3)
    rake (0.8.7)
    resource_controller (0.6.6)
    rspec (1.3.0)
    rspec-rails (1.3.2)
      rack (>= 1.0.0)
      rspec (>= 1.3.0)
    rubyforge (2.0.4)
      json_pure (>= 1.1.7)
    sqlite3-ruby (1.2.5)
    term-ansicolor (1.0.5)
    test-unit (1.2.3)
      hoe (>= 1.5.1)
    thin (1.2.7)
      daemons (>= 1.0.9)
      eventmachine (>= 0.12.6)
      rack (>= 1.0.0)
    treetop (1.4.8)
      polyglot (>= 0.3.1)
    warden (0.9.7)
      rack (>= 1.0.0)
    webrat (0.7.1)
      nokogiri (>= 1.2.0)
      rack (>= 1.0)
      rack-test (>= 0.5.3)

PLATFORMS
  ruby

DEPENDENCIES
  cucumber (~> 0.6.4)
  cucumber-rails (~> 0.3.0)
  database_cleaner (~> 0.5.0)
  devise (= 1.0.4)
  email_spec (~> 0.6.2)
  launchy (~> 0.3.5)
  pg (= 0.9.0)
  rack (= 1.1.0)
  rails (= 2.3.8)
  resource_controller (~> 0.6.6)
  rspec (~> 1.3.0)
  rspec-rails (~> 1.3.2)
  sqlite3-ruby (~> 1.2.5)
  test-unit (= 1.2.3)
  thin (= 1.2.7)
  webrat (~> 0.7.0)
